GEM
  remote: https://rubygems.org/
  specs:
    chunky_png (1.4.0)
    rack (3.1.7)
    rackup (2.1.0)
      rack (>= 3)
      webrick (~> 1.8)
    roda (3.84.0)
      rack
    thor (1.3.2)
    tilt (2.4.0)
    webrick (1.8.2)

PLATFORMS
  ruby
  x86_64-linux

DEPENDENCIES
  chunky_png
  rackup
  roda
  thor
  tilt

BUNDLED WITH
   2.5.11
